PATH
  remote: .
  specs:
    diplomat (0.1.6)
      faraday (~> 0.9)

GEM
  remote: https://rubygems.org/
  specs:
    codeclimate-test-reporter (0.3.0)
      simplecov (>= 0.7.1, < 1.0.0)
    coderay (1.1.0)
    diff-lcs (1.2.5)
    docile (1.1.3)
    fakes (1.1.4)
    fakes-rspec (1.0.5)
      fakes
    faraday (0.9.0)
      multipart-post (>= 1.2, < 3)
    json (1.8.1)
    method_source (0.8.2)
    multi_json (1.9.2)
    multipart-post (2.0.0)
    pry (0.9.12.6)
      coderay (~> 1.0)
      method_source (~> 0.8)
      slop (~> 3.4)
    rake (10.3.1)
    rspec (2.14.1)
      rspec-core (~> 2.14.0)
      rspec-expectations (~> 2.14.0)
      rspec-mocks (~> 2.14.0)
    rspec-core (2.14.8)
    rspec-expectations (2.14.5)
      diff-lcs (>= 1.1.3, < 2.0)
    rspec-mocks (2.14.6)
    simplecov (0.8.2)
      docile (~> 1.1.0)
      multi_json
      simplecov-html (~> 0.8.0)
    simplecov-html (0.8.0)
    slop (3.4.7)

PLATFORMS
  ruby

DEPENDENCIES
  bundler (~> 1.3)
  codeclimate-test-reporter
  diplomat!
  fakes-rspec (~> 1.0)
  json (~> 1.8)
  pry (~> 0.9)
  rake (~> 10.3)
  rspec (~> 2.14)
